PATH
  remote: .
  specs:
    sfrest (0.0.12)
      excon

GEM
  remote: https://rubygems.org/
  specs:
    addressable (2.5.0)
      public_suffix (~> 2.0, >= 2.0.2)
    ast (2.3.0)
    codeclimate-test-reporter (1.0.6)
      simplecov
    coderay (1.1.1)
    crack (0.4.3)
      safe_yaml (~> 1.0.0)
    diff-lcs (1.3)
    docile (1.1.5)
    excon (0.56.0)
    faker (1.7.3)
      i18n (~> 0.5)
    git_bpf (1.0.1)
    hashdiff (0.3.2)
    i18n (0.8.1)
    json (2.0.3)
    method_source (0.8.2)
    parser (2.4.0.0)
      ast (~> 2.2)
    powerpack (0.1.1)
    pry (0.10.4)
      coderay (~> 1.1.0)
      method_source (~> 0.8.1)
      slop (~> 3.4)
    public_suffix (2.0.5)
    rainbow (2.2.1)
    rake (12.0.0)
    rspec (3.5.0)
      rspec-core (~> 3.5.0)
      rspec-expectations (~> 3.5.0)
      rspec-mocks (~> 3.5.0)
    rspec-core (3.5.4)
      rspec-support (~> 3.5.0)
    rspec-expectations (3.5.0)
      diff-lcs (>= 1.2.0, < 2.0)
      rspec-support (~> 3.5.0)
    rspec-mocks (3.5.0)
      diff-lcs (>= 1.2.0, < 2.0)
      rspec-support (~> 3.5.0)
    rspec-support (3.5.0)
    rubocop (0.38.0)
      parser (>= 2.3.0.6, < 3.0)
      powerpack (~> 0.1)
      rainbow (>= 1.99.1, < 3.0)
      ruby-progressbar (~> 1.7)
      unicode-display_width (~> 1.0, >= 1.0.1)
    ruby-progressbar (1.8.1)
    safe_yaml (1.0.4)
    simplecov (0.13.0)
      docile (~> 1.1.0)
      json (>= 1.8, < 3)
      simplecov-html (~> 0.10.0)
    simplecov-html (0.10.0)
    slop (3.6.0)
    unicode-display_width (1.1.3)
    webmock (1.24.6)
      addressable (>= 2.3.6)
      crack (>= 0.3.2)
      hashdiff
    yard (0.9.8)

PLATFORMS
  ruby

DEPENDENCIES
  bundler
  codeclimate-test-reporter
  faker
  git_bpf
  pry
  rake
  rspec
  rubocop (~> 0.38.0)
  sfrest!
  simplecov (~> 0.11)
  webmock (~> 1.24)
  yard

BUNDLED WITH
   1.15.1
